PATH
  remote: .
  specs:
    moonrope-client (1.0.4)
      json

GEM
  remote: https://rubygems.org/
  specs:
    json (2.3.1)

PLATFORMS
  ruby

DEPENDENCIES
  moonrope-client!

BUNDLED WITH
   1.17.3
