PATH
  remote: .
  specs:
    moonrope-client (1.0.4)
      json (~> 1.8, >= 1.8.0)

GEM
  remote: https://rubygems.org/
  specs:
    json (1.8.6)

PLATFORMS
  ruby

DEPENDENCIES
  moonrope-client!

BUNDLED WITH
   1.17.3
